GIT
  remote: git://github.com/gzuki/music-cache.git
  revision: 81e9558c5bf28410ca33595d21b161f2ed494a8a
  specs:
    music-cache (0.0.1)

GIT
  remote: git://github.com/gzuki/ruby-mp3info.git
  revision: 8f8e7a553009e84f6a3fd2fe790f63554302dfd3
  specs:
    ruby-mp3info (0.6.13)

GEM
  remote: http://rubygems.org/
  specs:
    SystemTimer (1.2)
    addressable (2.2.2)
    daemons (1.1.0)
    em-websocket (0.1.4)
      addressable (>= 2.1.1)
      eventmachine (>= 0.12.9)
    eventmachine (0.12.10)
    haml (3.0.21)
    json (1.4.6)
    pow (0.2.3)
    rack (1.2.1)
    rack-environment (1.2.0)
    rainbows (0.97.0)
      rack (~> 1.1)
      unicorn (>= 1.1.3, < 2.0.0)
    redis (2.0.11)
    sinatra (1.0)
      rack (>= 1.0)
    sunshowers (0.2.0)
    thin (1.2.7)
      daemons (>= 1.0.9)
      eventmachine (>= 0.12.6)
      rack (>= 1.0.0)
    unicode (0.4.0)
    unicorn (1.1.4)
      rack

PLATFORMS
  ruby

DEPENDENCIES
  SystemTimer
  em-websocket
  haml
  json
  music-cache!
  pow
  rack
  rack-environment
  rainbows
  redis
  ruby-mp3info!
  sinatra
  sunshowers
  thin
  unicode
